GEM
  remote: https://rubygems.org/
  specs:
    byebug (11.1.3)
    minitest (5.15.0)

PLATFORMS
  arm64-darwin-21

DEPENDENCIES
  byebug
  minitest

BUNDLED WITH
   2.3.11
